GEM
  remote: https://rubygems.org/
  specs:
    p (0.2.1)
      thor (~> 0.18.0)
    pg (1.4.5)
    thor (0.18.1)

PLATFORMS
  arm64-darwin-21

DEPENDENCIES
  p (~> 0.2.1)
  pg (~> 1.4)

BUNDLED WITH
   2.3.26
